GEM
  remote: https://rubygems.org/
  specs:
    activesupport (5.2.6)
      concurrent-ruby (~> 1.0, >= 1.0.2)
      i18n (>= 0.7, < 2)
      minitest (~> 5.1)
      tzinfo (~> 1.1)
    concurrent-ruby (1.1.9)
    diff-lcs (1.5.0)
    i18n (0.9.5)
      concurrent-ruby (~> 1.0)
    minitest (5.15.0)
    rspec-collection_matchers (1.2.0)
      rspec-expectations (>= 2.99.0.beta1)
    rspec-core (3.10.2)
      rspec-support (~> 3.10.0)
    rspec-expectations (3.10.2)
      diff-lcs (>= 1.2.0, < 2.0)
      rspec-support (~> 3.10.0)
    rspec-support (3.10.3)
    rspec_junit_formatter (0.5.1)
      rspec-core (>= 2, < 4, != 2.12.0)
    thread_safe (0.3.6-java)
    tzinfo (1.2.9)
      thread_safe (~> 0.1)

PLATFORMS
  universal-java-11

DEPENDENCIES
  activesupport (= 5.2.6)
  bundler (= 2.2.29)
  rspec-collection_matchers (~> 1.2.0)
  rspec-core (~> 3.10.1)
  rspec_junit_formatter

BUNDLED WITH
   2.2.29
